GEM
  remote: http://rubygems.org/
  specs:
    commander (4.1.3)
      highline (~> 1.6.11)
    edison (0.0.3)
      commander
      hashie
      kramdown
      listen
      mustache
    hashie (2.0.2)
    highline (1.6.16)
    kramdown (1.0.1)
    listen (0.7.3)
    mustache (0.99.4)

PLATFORMS
  ruby

DEPENDENCIES
  edison
